[System]
Scanner=SkyScan2214
Instrument S/N=20C18017
Software Version=1.8
Home Directory=C:\SkyScan2214\SkyScan2214 User Software
Source Type=Hamamatsu L10711
Camera Type=CCD2: 0.2...6um, 22/42mm max.FOV
Camera Pixel Size (um)=8.916
Camera X/Y Ratio=1.0000
[User]
User Name=Skyscan4
Computer Name=ANAMIC05
[Acquisition]
Data Directory=D:\Results\Digital Pathology\Micropunch\10543_1mm_Vert_04um_CCD_nof_60kV\proj
Filename Prefix=10543_1mm_Vert_04um_CCD_nof_60kV
Number Of Files= 3601
Number Of Rows= 2688
Number Of Columns= 4032
Filename Index Length=8
Partial Width=OFF
Image crop origin X=0
Image crop origin Y=0
Camera binning=1x1
Image Rotation=0.26000
Optical Axis (line)= 1333
Object to Source (mm)=10.494
Camera to Source (mm)=233.876
Source Voltage (kV)=  60
Source Current (uA)= 140
Source Target Power (W)=0.41
Image Pixel Size (um)=0.400041
Scaled Image Pixel Size (um)=0.400041
Image Format=TIFF
Depth (bits)=16
Reference Intensity=58000
Camera position=close
Exposure (ms)=3500
Rotation Step (deg)=0.100
Use 360 Rotation=YES
High Aspect Ratio=NO
Scanning position=26.300 mm
Frame Averaging=ON (5)
Flat Field Correction=ON
FF updating interval=515
Random Movement=OFF (40)
Filter=No Filter
Gantry direction=CW
Rotation Direction=CW
Intrinsic CS rotation in degree=0.0
Type of Detector Motion=STEP AND SHOOT
Scanning Trajectory=ROUND
Source Filament Type=W
Source spot size=Small
Camera zoom position=Near
Suggested HU - Calibration=180000
Number Of Horizontal Offset Positions=1
Study Date and Time=21 Mar 2023  17h:44m:11s
Estimated Scan duration=25h:30m:25s
Scan duration=24h:26m:12s
Maximum Vertical TS=12.0
Maximum Horizontal TS=28.0
TS modified at=March23,10:58:55 ---  3601 of 3601 projections
TS modified according to=F:\Digital Pathology\Micropunch\10543_1mm_Vert_04um_CCD_nof_60kV\proj\10543_1mm_Vert_04um_CCD_nof_60kV_2DTransform.csv
TS modified at level=3
[Reconstruction]
Reconstruction Program=NRecon
Program Version=Version: 2.2.0.6
Program Home Directory=C:\_AdminTools\NReconRelease2.2.0.6
Reconstruction engine=GPUReconServer
Engine version=Version: 2.2.0
Reconstruction from batch=No
Postalignment Applied=1
Postalignment=12.00
Reconstructed using oversize-option=No
Reconstruction servers= ANAKLIN03 
Export VGL=0
Dataset Origin=SkyScan2214
Dataset Prefix=10543_1mm_Vert_04um_CCD_nof_60kV
Dataset Directory=F:\Digital Pathology\Micropunch\10543_1mm_Vert_04um_CCD_nof_60kV\proj
Output Directory=F:\Digital Pathology\Micropunch\10543_1mm_Vert_04um_CCD_nof_60kV\rec
Time and Date=23 Mar 2023  13h:46m:47s
First Section=102
Last Section=2583
Reconstruction duration per slice (seconds)=0.614827
Total reconstruction time (2482 slices) in seconds=1526.000000
Heel Effect Correction On=0
Section to Section Step=1
Sections Count=2482
Result File Type=PNG
Result File Header Length (bytes)=Unknown: compressed JPG format (100%)
Result Image Width (pixels)=3296
Result Image Height (pixels)=3296
Pixel Size (um)=0.40004
Reconstruction Angular Range (deg)=360.00
Use 180+=OFF
Angular Step (deg)=0.1000
Smoothing=0
Ring Artifact Correction=50
Draw Scales=OFF
Object Bigger than FOV=ON
Reconstruction from ROI=ON_ROUND
ROI Top (pixels)=3633
ROI Bottom (pixels)=334
ROI Left (pixels)=408
ROI Right (pixels)=3707
ROI reference length=4032
Filter cutoff relative to Nyquist frequency=100
Filter type=0
Filter type description=Hamming (Alpha=0.54)
Undersampling factor=1
Threshold for defect pixel mask (%)=0
Beam Hardening Correction (%)=100
CS Static Rotation (deg)=0.00
CS Static Rotation Total(deg)=0.00
Minimum for CS to Image Conversion=0.000000
Maximum for CS to Image Conversion=0.241577
HU Calibration=OFF
BMP LUT=0
Cone-beam Angle Horiz.(deg)=8.789289
Cone-beam Angle Vert.(deg)=5.865915
[File name convention]
Filename Index Length=8
Filename Prefix=10543_1mm_Vert_04um_CCD_nof_60kV_rec
